PATH
  remote: ../_os/pry
  specs:
    pry (0.9.10)
      coderay (~> 1.0.5)
      method_source (~> 0.8)
      slop (~> 3.3.1)

PATH
  remote: ../_os/pry-stack_explorer
  specs:
    pry-stack_explorer (0.4.5)
      binding_of_caller (~> 0.6.2)

PATH
  remote: ../pry-bot
  specs:
    pry-bot (0.1)
      pry (~> 0.9)

GEM
  remote: http://rubygems.org/
  specs:
    backports (2.6.3)
    binding_of_caller (0.6.7)
    coderay (1.0.7)
    eventmachine (0.12.10)
    method_source (0.8)
    pry-doc (0.4.4)
      pry (>= 0.9.9.6)
      yard (~> 0.8.1)
    rack (1.4.1)
    rack-protection (1.2.0)
      rack
    rack-test (0.6.1)
      rack (>= 1.0)
    sinatra (1.3.2)
      rack (~> 1.3, >= 1.3.6)
      rack-protection (~> 1.2)
      tilt (~> 1.3, >= 1.3.3)
    sinatra-contrib (1.3.1)
      backports (>= 2.0)
      eventmachine
      rack-protection
      rack-test
      sinatra (~> 1.3.0)
      tilt (~> 1.3)
    sinatra-reloader (1.0)
      sinatra-contrib
    slop (3.3.2)
    tilt (1.3.3)
    yard (0.8.2.1)

PLATFORMS
  ruby

DEPENDENCIES
  pry!
  pry-bot!
  pry-doc
  pry-stack_explorer!
  sinatra
  sinatra-reloader
